GEM
  remote: https://rubygems.org/
  specs:
    fastercsv (1.5.5)
    psych (2.0.5)

PLATFORMS
  ruby

DEPENDENCIES
  fastercsv
  psych
